PATH
  remote: .
  specs:
    zendesk_client (0.1.0)
      faraday (~> 0.7.3)
      faraday_middleware (= 0.7.0)
      hashie (~> 1.0.0)
      multi_json (~> 1.3.0)
      multi_xml (~> 0.2.0)
      patron

GEM
  remote: http://rubygems.org/
  specs:
    addressable (2.2.7)
    coderay (1.0.5)
    crack (0.3.1)
    faraday (0.7.6)
      addressable (~> 2.2)
      multipart-post (~> 1.1)
      rack (~> 1.1)
    faraday_middleware (0.7.0)
      faraday (~> 0.7.3)
    hashie (1.0.0)
    method_source (0.7.1)
    minitest (2.11.3)
    multi_json (1.1.0)
    multi_xml (0.2.2)
    multipart-post (1.1.5)
    nokogiri (1.5.2)
    patron (0.4.18)
    pry (0.9.8.4)
      coderay (~> 1.0.5)
      method_source (~> 0.7.1)
      slop (>= 2.4.4, < 3)
    rack (1.4.1)
    rake (0.9.2.2)
    slop (2.4.4)
    webmock (1.8.2)
      addressable (>= 2.2.7)
      crack (>= 0.1.7)
    yajl-ruby (0.8.3)
    yard (0.7.5)

PLATFORMS
  ruby

DEPENDENCIES
  minitest
  nokogiri (~> 1.4)
  pry
  rake (~> 0.8)
  webmock (~> 1.6)
  yajl-ruby (~> 0.8.2)
  yard (~> 0.7)
  zendesk_client!
