PATH
  remote: .
  specs:
    zendesk_client (0.0.1)
      faraday (~> 0.6.0)
      faraday_middleware (= 0.6.5)
      hashie (~> 1.0.0)
      multi_json (~> 1.0.0)
      multi_xml (~> 0.2.0)
      patron (~> 0.4.12)

GEM
  remote: http://rubygems.org/
  specs:
    addressable (2.2.6)
    crack (0.1.8)
    faraday (0.6.1)
      addressable (~> 2.2.4)
      multipart-post (~> 1.1.0)
      rack (>= 1.1.0, < 2)
    faraday_middleware (0.6.5)
      faraday (~> 0.6.0)
    hashie (1.0.0)
    multi_json (1.0.3)
    multi_xml (0.2.2)
    multipart-post (1.1.3)
    nokogiri (1.5.0)
    patron (0.4.13)
    rack (1.3.2)
    rake (0.9.2)
    webmock (1.6.4)
      addressable (~> 2.2, > 2.2.5)
      crack (>= 0.1.7)
    yajl-ruby (0.8.2)
    yard (0.7.2)

PLATFORMS
  ruby

DEPENDENCIES
  nokogiri (~> 1.4)
  rake (~> 0.8)
  webmock (~> 1.6)
  yajl-ruby (~> 0.8.2)
  yard (~> 0.7)
  zendesk_client!
