PATH
  remote: .
  specs:
    zendesk_client (0.0.1)
      faraday (~> 0.6.1)

GEM
  remote: http://rubygems.org/
  specs:
    addressable (2.2.6)
    fakeweb (1.3.0)
    faraday (0.6.1)
      addressable (~> 2.2.4)
      multipart-post (~> 1.1.0)
      rack (>= 1.1.0, < 2)
    multipart-post (1.1.2)
    nokogiri (1.4.4)
    rack (1.3.0)
    rake (0.8.7)
    yajl-ruby (0.8.2)
    yard (0.7.1)

PLATFORMS
  ruby

DEPENDENCIES
  fakeweb (~> 1.3.0)
  nokogiri (~> 1.4)
  rake (~> 0.8)
  yajl-ruby (~> 0.8.2)
  yard (~> 0.7)
  zendesk_client!
